PATH
  remote: .
  specs:
    quarantine (0.0.7)
      aws-sdk (~> 2.11.41)
      rspec (~> 3.8.0)
      rspec-retry (~> 0.6.1)

GEM
  remote: https://rubygems.org/
  specs:
    aws-eventstream (1.0.2)
    aws-sdk (2.11.256)
      aws-sdk-resources (= 2.11.256)
    aws-sdk-core (2.11.256)
      aws-sigv4 (~> 1.0)
      jmespath (~> 1.0)
    aws-sdk-resources (2.11.256)
      aws-sdk-core (= 2.11.256)
    aws-sigv4 (1.1.0)
      aws-eventstream (~> 1.0, >= 1.0.2)
    diff-lcs (1.3)
    jmespath (1.4.0)
    rspec (3.8.0)
      rspec-core (~> 3.8.0)
      rspec-expectations (~> 3.8.0)
      rspec-mocks (~> 3.8.0)
    rspec-core (3.8.0)
      rspec-support (~> 3.8.0)
    rspec-expectations (3.8.2)
      diff-lcs (>= 1.2.0, < 2.0)
      rspec-support (~> 3.8.0)
    rspec-mocks (3.8.0)
      diff-lcs (>= 1.2.0, < 2.0)
      rspec-support (~> 3.8.0)
    rspec-retry (0.6.1)
      rspec-core (> 3.3)
    rspec-support (3.8.0)

PLATFORMS
  ruby

DEPENDENCIES
  quarantine!

BUNDLED WITH
   1.17.3
